GEM
  remote: http://rubygems.org/
  specs:
    ansi (1.4.2)
    diff-lcs (1.1.3)
    hashr (0.0.19)
    metaclass (0.0.1)
    mocha (0.10.5)
      metaclass (~> 0.0.1)
    rspec (2.9.0)
      rspec-core (~> 2.9.0)
      rspec-expectations (~> 2.9.0)
      rspec-mocks (~> 2.9.0)
    rspec-core (2.9.0)
    rspec-expectations (2.9.0)
      diff-lcs (~> 1.1.3)
    rspec-mocks (2.9.0)

PLATFORMS
  ruby

DEPENDENCIES
  ansi
  hashr
  mocha
  rspec
