GIT
  remote: git://github.com/niw/rb-fsevent.git
  revision: 8754b16bd3b880a60621e01b0f7792c009c8e8a7
  specs:
    rb-fsevent (0.4.3)

GEM
  remote: http://rubygems.org/
  specs:
    ansi (1.4.2)
    diff-lcs (1.1.3)
    hashr (0.0.19)
    metaclass (0.0.1)
    mocha (0.10.5)
      metaclass (~> 0.0.1)
    rake (0.9.2.2)
    rspec (2.9.0)
      rspec-core (~> 2.9.0)
      rspec-expectations (~> 2.9.0)
      rspec-mocks (~> 2.9.0)
    rspec-core (2.9.0)
    rspec-expectations (2.9.0)
      diff-lcs (~> 1.1.3)
    rspec-mocks (2.9.0)

PLATFORMS
  ruby

DEPENDENCIES
  ansi
  hashr
  mocha
  rake
  rb-fsevent!
  rspec
